GIT
  remote: https://github.com/eturk/cijoe.git
  revision: e942b684f9a463bca6cbb3bcc5598591eb27bbd4
  specs:
    cijoe (0.9.2)
      choice
      erubis
      multi_json
      sinatra
      tinder (>= 1.4.0)

GIT
  remote: https://github.com/eturk/mm-paranoid.git
  revision: 464f8de590c56be026172b6b4f27b41cfde09b74
  specs:
    mm-paranoid (0.2.0)
      mongo_mapper (>= 0.9.0)

GIT
  remote: https://github.com/nightsailer/padrino-sprockets.git
  revision: 28c5dd117a63b330356955efd4f513b4413da3a6
  specs:
    padrino-sprockets (0.0.3)
      sprockets

GIT
  remote: https://github.com/noted/scholar.git
  revision: b167ee9b64bab1ba0b195214734c5a713df3933e
  specs:
    scholar (0.1.1)
      activesupport (~> 3.2.11)
      faraday (~> 0.8.7)
      faraday_middleware (~> 0.9.0)

GEM
  remote: https://rubygems.org/
  specs:
    POpen4 (0.1.4)
      Platform (>= 0.4.0)
      open4
    Platform (0.4.0)
    activemodel (3.2.13)
      activesupport (= 3.2.13)
      builder (~> 3.0.0)
    activesupport (3.2.13)
      i18n (= 0.6.1)
      multi_json (~> 1.0)
    base32-crockford (0.1.0)
    bcrypt-ruby (3.0.1)
    better_errors (0.8.0)
      coderay (>= 1.0.0)
      erubis (>= 2.6.6)
    binding_of_caller (0.7.1)
      debug_inspector (>= 0.0.1)
    bson (1.8.6)
    bson_ext (1.8.6)
      bson (~> 1.8.6)
    builder (3.0.4)
    canable (0.3.0)
    capybara (2.1.0)
      mime-types (>= 1.16)
      nokogiri (>= 1.3.3)
      rack (>= 1.0.0)
      rack-test (>= 0.5.4)
      xpath (~> 2.0)
    choice (0.1.6)
    chunky_png (1.2.8)
    coderay (1.0.9)
    coffee-script (2.2.0)
      coffee-script-source
      execjs
    coffee-script-source (1.6.2)
    colorize (0.5.8)
    compass (0.12.2)
      chunky_png (~> 1.2)
      fssm (>= 0.2.7)
      sass (~> 3.1)
    coveralls (0.6.7)
      colorize
      multi_json (~> 1.3)
      rest-client
      simplecov (>= 0.7)
      thor
    dalli (2.6.3)
    database_cleaner (1.0.1)
    debug_inspector (0.0.2)
    diff-lcs (1.2.4)
    dotenv (0.7.0)
    erubis (2.7.0)
    eventmachine (1.0.3)
    execjs (1.4.0)
      multi_json (~> 1.0)
    factory_girl (4.2.0)
      activesupport (>= 3.0.0)
    faraday (0.8.7)
      multipart-post (~> 1.1)
    faraday_middleware (0.9.0)
      faraday (>= 0.7.4, < 0.9)
    foreman (0.63.0)
      dotenv (>= 0.7)
      thor (>= 0.13.6)
    fssm (0.2.10)
    fuubar (1.1.0)
      rspec (~> 2.0)
      rspec-instafail (~> 0.2.0)
      ruby-progressbar (~> 1.0.0)
    haml (4.0.3)
      tilt
    hashie (2.0.5)
    hike (1.2.2)
    http_parser.rb (0.5.3)
    http_router (0.11.0)
      rack (>= 1.0.0)
      url_mount (~> 0.2.1)
    httparty (0.11.0)
      multi_json (~> 1.0)
      multi_xml (>= 0.5.2)
    i18n (0.6.1)
    libv8 (3.11.8.17)
    log_buddy (0.7.0)
    mail (2.5.4)
      mime-types (~> 1.16)
      treetop (~> 1.4.8)
    method_source (0.8.1)
    mime-types (1.23)
    mongo (1.8.6)
      bson (~> 1.8.6)
    mongo_mapper (0.12.0)
      activemodel (~> 3.0)
      activesupport (~> 3.0)
      plucky (~> 0.5.2)
    multi_json (1.7.3)
    multi_xml (0.5.3)
    multipart-post (1.2.0)
    mutations (0.5.12)
      activesupport
    nokogiri (1.5.9)
    oj (2.0.13)
    open4 (1.3.0)
    padrino-cache (0.11.1)
      padrino-core (= 0.11.1)
      padrino-helpers (= 0.11.1)
    padrino-core (0.11.1)
      activesupport (>= 3.1.0)
      http_router (~> 0.11.0)
      rack-protection (>= 1.5.0)
      sinatra (~> 1.4.2)
      thor (~> 0.17.0)
      tilt (~> 1.3.0)
    padrino-gen (0.11.1)
      bundler (~> 1.0)
      padrino-core (= 0.11.1)
    padrino-helpers (0.11.1)
      i18n (~> 0.6)
      padrino-core (= 0.11.1)
    padrino-mailer (0.11.1)
      mail (~> 2.5.3)
      padrino-core (= 0.11.1)
    plucky (0.5.2)
      mongo (~> 1.5)
    polyglot (0.3.3)
    pry (0.9.12.2)
      coderay (~> 1.0.5)
      method_source (~> 0.8)
      slop (~> 3.4)
    puma (2.0.1)
      rack (>= 1.1, < 2.0)
    rabl (0.8.5)
      activesupport (>= 2.3.14)
    rack (1.5.2)
    rack-protection (1.5.0)
      rack
    rack-test (0.6.2)
      rack (>= 1.0)
    rainbow (1.1.4)
    rake (10.0.4)
    redis (3.0.4)
    ref (1.0.5)
    rest-client (1.6.7)
      mime-types (>= 1.16)
    rspec (2.13.0)
      rspec-core (~> 2.13.0)
      rspec-expectations (~> 2.13.0)
      rspec-mocks (~> 2.13.0)
    rspec-core (2.13.1)
    rspec-expectations (2.13.0)
      diff-lcs (>= 1.1.3, < 2.0)
    rspec-instafail (0.2.4)
    rspec-mocks (2.13.1)
    rubocop (0.7.2)
      rainbow (>= 1.1.4)
    ruby-progressbar (1.0.2)
    sass (3.2.9)
    sentry-raven (0.4.8)
      faraday (>= 0.7.6)
      hashie (>= 1.1.0)
      multi_json (~> 1.0)
      uuidtools
    shoulda-matchers (2.1.0)
      activesupport (>= 3.0.0)
    simple_oauth (0.1.9)
    simplecov (0.7.1)
      multi_json (~> 1.0)
      simplecov-html (~> 0.7.1)
    simplecov-html (0.7.1)
    sinatra (1.4.2)
      rack (~> 1.5, >= 1.5.2)
      rack-protection (~> 1.4)
      tilt (~> 1.3, >= 1.3.4)
    slop (3.4.5)
    spork (1.0.0rc3)
    sprockets (2.9.3)
      hike (~> 1.2)
      multi_json (~> 1.0)
      rack (~> 1.0)
      tilt (~> 1.1, != 1.3.0)
    sprockets-sass (1.0.1)
      sprockets (~> 2.0)
      tilt (~> 1.1)
    state_machine (1.2.0)
    susy (1.0.8)
      compass (>= 0.12.2)
      sass (>= 3.2.0)
    therubyracer (0.11.4)
      libv8 (~> 3.11.8.12)
      ref
    thor (0.17.0)
    tilt (1.3.7)
    tinder (1.4.1)
      activesupport
      eventmachine
      httparty
      mime-types
      twitter-stream
    treetop (1.4.12)
      polyglot
      polyglot (>= 0.3.1)
    twitter-stream (0.1.16)
      eventmachine (>= 0.12.8)
      http_parser.rb (~> 0.5.1)
      simple_oauth (~> 0.1.4)
    tzinfo (0.3.37)
    uglifier (2.0.1)
      execjs (>= 0.3.0)
      multi_json (~> 1.0, >= 1.0.2)
    url_mount (0.2.1)
      rack
    uuidtools (2.1.4)
    von (0.2.0)
      activesupport (~> 3.2.11)
      redis (~> 3.0.2)
    xpath (2.0.0)
      nokogiri (~> 1.3)
    yui-compressor (0.9.6)
      POpen4 (>= 0.1.4)
    zurb-foundation (4.1.6)
      sass (>= 3.2.0)

PLATFORMS
  ruby

DEPENDENCIES
  base32-crockford (~> 0.1.0)
  bcrypt-ruby (~> 3.0.1)
  better_errors (~> 0.8.0)
  binding_of_caller (~> 0.7.1)
  bson_ext (~> 1.8.6)
  canable (~> 0.3.0)
  capybara (~> 2.1.0)
  cijoe!
  coffee-script (~> 2.2.0)
  compass (~> 0.12.2)
  coveralls (~> 0.6.7)
  dalli (~> 2.6.3)
  database_cleaner (~> 1.0.1)
  execjs (~> 1.4.0)
  factory_girl (~> 4.2.0)
  foreman (~> 0.63.0)
  fuubar (~> 1.1.0)
  haml (~> 4.0.2)
  log_buddy (~> 0.7.0)
  mm-paranoid!
  mongo_mapper (~> 0.12.0)
  mutations (~> 0.5.12)
  oj (~> 2.0.12)
  padrino-cache (= 0.11.1)
  padrino-core (= 0.11.1)
  padrino-gen (= 0.11.1)
  padrino-helpers (= 0.11.1)
  padrino-mailer (= 0.11.1)
  padrino-sprockets!
  pry (~> 0.9.12.2)
  puma (= 2.0.1)
  rabl (~> 0.8.4)
  rack-test (~> 0.6.2)
  rake (~> 10.0.4)
  redis (~> 3.0.4)
  rspec (~> 2.13.0)
  rubocop (~> 0.7.2)
  scholar!
  sentry-raven (~> 0.4.6)
  shoulda-matchers (~> 2.1.0)
  simplecov (~> 0.7.1)
  spork (~> 1.0.0rc3)
  sprockets-sass (~> 1.0.0)
  state_machine (~> 1.2.0)
  susy (~> 1.0.8)
  therubyracer (~> 0.11.4)
  tilt (= 1.3.7)
  tzinfo (~> 0.3.37)
  uglifier (~> 2.0.1)
  von (~> 0.2.0)
  yui-compressor (~> 0.9.6)
  zurb-foundation (~> 4.1.6)
