GIT
  remote: https://github.com/eturk/mm-paranoid.git
  revision: 95bfc572b856069c2538f0e0a3e5592717ce8ad6
  specs:
    mm-paranoid (0.2.0)
      mongo_mapper (>= 0.9.0)

GIT
  remote: https://github.com/eturk/padrino-sprockets.git
  revision: 83f7307776657877e4b824bdeb7bc9f91fb40b2b
  specs:
    padrino-sprockets (0.0.2)
      sprockets

GIT
  remote: https://github.com/noted/scholar.git
  revision: f2d1dc3262335adecad186eb51f18afc17da0b9a
  specs:
    scholar (0.1.1)
      activesupport (~> 3.2.11)
      faraday (~> 0.8.7)
      faraday_middleware (~> 0.9.0)

GIT
  remote: https://github.com/nvloff/cijoe.git
  revision: d412e7f28784425ddc9b42c07e8d9a32e41882f6
  specs:
    cijoe (0.9.2)
      choice
      multi_json
      sinatra
      tinder (>= 1.4.0)

GEM
  remote: https://rubygems.org/
  specs:
    POpen4 (0.1.4)
      Platform (>= 0.4.0)
      open4
    Platform (0.4.0)
    activemodel (3.2.13)
      activesupport (= 3.2.13)
      builder (~> 3.0.0)
    activesupport (3.2.13)
      i18n (= 0.6.1)
      multi_json (~> 1.0)
    base32-crockford (0.1.0)
    bcrypt-ruby (3.0.1)
    better_errors (0.8.0)
      coderay (>= 1.0.0)
      erubis (>= 2.6.6)
    binding_of_caller (0.7.1)
      debug_inspector (>= 0.0.1)
    bson (1.8.5)
    bson_ext (1.8.5)
      bson (~> 1.8.5)
    builder (3.0.4)
    canable (0.3.0)
    cane (2.5.2)
      parallel
    capybara (2.1.0)
      mime-types (>= 1.16)
      nokogiri (>= 1.3.3)
      rack (>= 1.0.0)
      rack-test (>= 0.5.4)
      xpath (~> 2.0)
    choice (0.1.6)
    chunky_png (1.2.8)
    coderay (1.0.9)
    coffee-script (2.2.0)
      coffee-script-source
      execjs
    coffee-script-source (1.6.2)
    compass (0.12.2)
      chunky_png (~> 1.2)
      fssm (>= 0.2.7)
      sass (~> 3.1)
    database_cleaner (1.0.1)
    debug_inspector (0.0.2)
    diff-lcs (1.2.4)
    dotenv (0.7.0)
    erubis (2.7.0)
    eventmachine (1.0.3)
    execjs (1.4.0)
      multi_json (~> 1.0)
    factory_girl (4.2.0)
      activesupport (>= 3.0.0)
    faraday (0.8.7)
      multipart-post (~> 1.1)
    faraday_middleware (0.9.0)
      faraday (>= 0.7.4, < 0.9)
    foreman (0.63.0)
      dotenv (>= 0.7)
      thor (>= 0.13.6)
    fssm (0.2.10)
    haml (4.0.2)
      tilt
    hashie (1.2.0)
    hike (1.2.2)
    http_parser.rb (0.5.3)
    http_router (0.11.0)
      rack (>= 1.0.0)
      url_mount (~> 0.2.1)
    i18n (0.6.1)
    json (1.7.7)
    libv8 (3.11.8.17)
    log_buddy (0.7.0)
    memcached (1.5.0)
    method_source (0.8.1)
    mime-types (1.23)
    mongo (1.8.5)
      bson (~> 1.8.5)
    mongo_mapper (0.12.0)
      activemodel (~> 3.0)
      activesupport (~> 3.0)
      plucky (~> 0.5.2)
    multi_json (1.7.2)
    multipart-post (1.2.0)
    mutations (0.5.12)
      activesupport
    nokogiri (1.5.9)
    oj (2.0.12)
    open4 (1.3.0)
    padrino-cache (0.11.1)
      padrino-core (= 0.11.1)
      padrino-helpers (= 0.11.1)
    padrino-core (0.11.1)
      activesupport (>= 3.1.0)
      http_router (~> 0.11.0)
      rack-protection (>= 1.5.0)
      sinatra (~> 1.4.2)
      thor (~> 0.17.0)
      tilt (~> 1.3.0)
    padrino-gen (0.11.1)
      bundler (~> 1.0)
      padrino-core (= 0.11.1)
    padrino-helpers (0.11.1)
      i18n (~> 0.6)
      padrino-core (= 0.11.1)
    parallel (0.6.4)
    plucky (0.5.2)
      mongo (~> 1.5)
    pry (0.9.12.2)
      coderay (~> 1.0.5)
      method_source (~> 0.8)
      slop (~> 3.4)
    puma (2.0.1)
      rack (>= 1.1, < 2.0)
    rabl (0.8.4)
      activesupport (>= 2.3.14)
    rack (1.5.2)
    rack-protection (1.5.0)
      rack
    rack-test (0.6.2)
      rack (>= 1.0)
    rainbow (1.1.4)
    rake (10.0.4)
    redis (3.0.4)
    ref (1.0.4)
    rspec (2.13.0)
      rspec-core (~> 2.13.0)
      rspec-expectations (~> 2.13.0)
      rspec-mocks (~> 2.13.0)
    rspec-core (2.13.1)
    rspec-expectations (2.13.0)
      diff-lcs (>= 1.1.3, < 2.0)
    rspec-mocks (2.13.1)
    rubocop (0.7.2)
      rainbow (>= 1.1.4)
    sass (3.2.8)
    sentry-raven (0.4.6)
      faraday (>= 0.7.6)
      hashie
      multi_json (~> 1.0)
      uuidtools
    shoulda-matchers (2.1.0)
      activesupport (>= 3.0.0)
    simple_oauth (0.1.9)
    sinatra (1.4.2)
      rack (~> 1.5, >= 1.5.2)
      rack-protection (~> 1.4)
      tilt (~> 1.3, >= 1.3.4)
    slop (3.4.5)
    spork (1.0.0rc3)
    sprockets (2.9.3)
      hike (~> 1.2)
      multi_json (~> 1.0)
      rack (~> 1.0)
      tilt (~> 1.1, != 1.3.0)
    sprockets-sass (1.0.0)
      sprockets (~> 2.0)
      tilt (~> 1.1)
    state_machine (1.2.0)
    susy (1.0.8)
      compass (>= 0.12.2)
      sass (>= 3.2.0)
    therubyracer (0.11.4)
      libv8 (~> 3.11.8.12)
      ref
    thor (0.17.0)
    tilt (1.3.7)
    tinder (1.9.2)
      eventmachine (~> 1.0)
      faraday (~> 0.8)
      faraday_middleware (~> 0.9)
      hashie (~> 1.0)
      json (~> 1.7.5)
      mime-types (~> 1.19)
      multi_json (~> 1.5)
      twitter-stream (~> 0.1)
    twitter-stream (0.1.16)
      eventmachine (>= 0.12.8)
      http_parser.rb (~> 0.5.1)
      simple_oauth (~> 0.1.4)
    uglifier (2.0.1)
      execjs (>= 0.3.0)
      multi_json (~> 1.0, >= 1.0.2)
    url_mount (0.2.1)
      rack
    uuidtools (2.1.4)
    von (0.2.0)
      activesupport (~> 3.2.11)
      redis (~> 3.0.2)
    xpath (2.0.0)
      nokogiri (~> 1.3)
    yui-compressor (0.9.6)
      POpen4 (>= 0.1.4)
    zurb-foundation (4.1.6)
      sass (>= 3.2.0)

PLATFORMS
  ruby

DEPENDENCIES
  base32-crockford (~> 0.1.0)
  bcrypt-ruby (~> 3.0.1)
  better_errors (~> 0.8.0)
  binding_of_caller (~> 0.7.1)
  bson_ext (~> 1.8.5)
  canable (~> 0.3.0)
  cane (~> 2.5.2)
  capybara (~> 2.1.0)
  cijoe!
  coffee-script (~> 2.2.0)
  compass (~> 0.12.2)
  database_cleaner (~> 1.0.1)
  execjs (~> 1.4.0)
  factory_girl (~> 4.2.0)
  foreman (~> 0.63.0)
  haml (~> 4.0.2)
  log_buddy (~> 0.7.0)
  memcached (~> 1.5.0)
  mm-paranoid!
  mongo_mapper (~> 0.12.0)
  mutations (~> 0.5.12)
  oj (~> 2.0.12)
  padrino-cache (= 0.11.1)
  padrino-core (= 0.11.1)
  padrino-gen (= 0.11.1)
  padrino-helpers (= 0.11.1)
  padrino-sprockets!
  pry (~> 0.9.12.2)
  puma (= 2.0.1)
  rabl (~> 0.8.4)
  rack-test (~> 0.6.2)
  rake (~> 10.0.4)
  redis (~> 3.0.4)
  rspec (~> 2.13.0)
  rubocop (~> 0.7.2)
  scholar!
  sentry-raven (~> 0.4.6)
  shoulda-matchers (~> 2.1.0)
  spork (~> 1.0.0rc3)
  sprockets-sass (~> 1.0.0)
  state_machine (~> 1.2.0)
  susy (~> 1.0.8)
  therubyracer (~> 0.11.4)
  uglifier (~> 2.0.1)
  von (~> 0.2.0)
  yui-compressor (~> 0.9.6)
  zurb-foundation (~> 4.1.6)
