GEM
  remote: http://www.rubygems.org/
  specs:
    ruby-graphviz (1.0.0)
    state_machine (1.2.0)
    yard (0.7.5)

PLATFORMS
  ruby

DEPENDENCIES
  ruby-graphviz
  state_machine
  yard
